GEM
  remote: https://rubygems.org/
  specs:
    chunky_png (1.3.3)
    gnuplot (2.6.2)
    minitest (5.5.1)
    narray (0.6.1.1)

PLATFORMS
  ruby

DEPENDENCIES
  chunky_png
  gnuplot
  minitest
  narray (~> 0.6)
