GEM
  remote: https://rubygems.org/
  specs:
    minitest (5.5.1)
    narray (0.6.1.1)

PLATFORMS
  ruby

DEPENDENCIES
  minitest
  narray (~> 0.6)
